GIT
  remote: https://github.com/graphql-devise/graphql_devise.git
  revision: ca345f3f4fd0b54fb1941471d520e502fa06375d
  branch: master
  specs:
    graphql_devise (0.17.1)
      devise_token_auth (>= 0.1.43, < 2.0)
      graphql (>= 1.8, < 1.14.0)
      rails (>= 4.2, < 7.1)

GIT
  remote: https://github.com/heartcombo/devise.git
  revision: 9f5b83750eef89710b8f2f1e0969c308023e2f05
  branch: main
  specs:
    devise (4.8.0)
      bcrypt (~> 3.0)
      orm_adapter (~> 0.1)
      railties (>= 4.1.0)
      responders
      warden (~> 1.2.3)

GIT
  remote: https://github.com/lynndylanhurley/devise_token_auth.git
  revision: 079d569668613f93001ff56d2c24429396d76440
  branch: master
  specs:
    devise_token_auth (1.2.0)
      bcrypt (~> 3.0)
      devise (> 3.5.2, < 5)
      rails (>= 4.2.0, < 7.1)

GIT
  remote: https://github.com/rails/rails.git
  revision: a35a380c2cdc7fe032f927095545aee21a192f54
  branch: main
  specs:
    actioncable (7.1.0.alpha)
      actionpack (= 7.1.0.alpha)
      activesupport (= 7.1.0.alpha)
      nio4r (~> 2.0)
      websocket-driver (>= 0.6.1)
    actionmailbox (7.1.0.alpha)
      actionpack (= 7.1.0.alpha)
      activejob (= 7.1.0.alpha)
      activerecord (= 7.1.0.alpha)
      activestorage (= 7.1.0.alpha)
      activesupport (= 7.1.0.alpha)
      mail (>= 2.7.1)
    actionmailer (7.1.0.alpha)
      actionpack (= 7.1.0.alpha)
      actionview (= 7.1.0.alpha)
      activejob (= 7.1.0.alpha)
      activesupport (= 7.1.0.alpha)
      mail (~> 2.5, >= 2.5.4)
      rails-dom-testing (~> 2.0)
    actionpack (7.1.0.alpha)
      actionview (= 7.1.0.alpha)
      activesupport (= 7.1.0.alpha)
      rack (~> 2.0, >= 2.2.0)
      rack-test (>= 0.6.3)
      rails-dom-testing (~> 2.0)
      rails-html-sanitizer (~> 1.0, >= 1.2.0)
    actiontext (7.1.0.alpha)
      actionpack (= 7.1.0.alpha)
      activerecord (= 7.1.0.alpha)
      activestorage (= 7.1.0.alpha)
      activesupport (= 7.1.0.alpha)
      globalid (>= 0.6.0)
      nokogiri (>= 1.8.5)
    actionview (7.1.0.alpha)
      activesupport (= 7.1.0.alpha)
      builder (~> 3.1)
      erubi (~> 1.4)
      rails-dom-testing (~> 2.0)
      rails-html-sanitizer (~> 1.1, >= 1.2.0)
    activejob (7.1.0.alpha)
      activesupport (= 7.1.0.alpha)
      globalid (>= 0.3.6)
    activemodel (7.1.0.alpha)
      activesupport (= 7.1.0.alpha)
    activerecord (7.1.0.alpha)
      activemodel (= 7.1.0.alpha)
      activesupport (= 7.1.0.alpha)
    activestorage (7.1.0.alpha)
      actionpack (= 7.1.0.alpha)
      activejob (= 7.1.0.alpha)
      activerecord (= 7.1.0.alpha)
      activesupport (= 7.1.0.alpha)
      marcel (~> 1.0)
      mini_mime (>= 1.1.0)
    activesupport (7.1.0.alpha)
      concurrent-ruby (~> 1.0, >= 1.0.2)
      i18n (>= 1.6, < 2)
      minitest (>= 5.1)
      tzinfo (~> 2.0)
    rails (7.1.0.alpha)
      actioncable (= 7.1.0.alpha)
      actionmailbox (= 7.1.0.alpha)
      actionmailer (= 7.1.0.alpha)
      actionpack (= 7.1.0.alpha)
      actiontext (= 7.1.0.alpha)
      actionview (= 7.1.0.alpha)
      activejob (= 7.1.0.alpha)
      activemodel (= 7.1.0.alpha)
      activerecord (= 7.1.0.alpha)
      activestorage (= 7.1.0.alpha)
      activesupport (= 7.1.0.alpha)
      bundler (>= 1.15.0)
      railties (= 7.1.0.alpha)
    railties (7.1.0.alpha)
      actionpack (= 7.1.0.alpha)
      activesupport (= 7.1.0.alpha)
      method_source
      rake (>= 12.2)
      thor (~> 1.0)
      zeitwerk (~> 2.5)

GIT
  remote: https://github.com/rails/web-console.git
  revision: 3f101dede864b88719d432ec2ae8bfafc3378da0
  specs:
    web-console (4.2.0)
      actionview (>= 6.0.0)
      activemodel (>= 6.0.0)
      bindex (>= 0.4.0)
      railties (>= 6.0.0)

GEM
  remote: https://rubygems.org/
  specs:
    addressable (2.8.0)
      public_suffix (>= 2.0.2, < 5.0)
    apollo_upload_server (2.1.0)
      actionpack (>= 4.2)
      graphql (>= 1.8)
    ast (2.4.2)
    aws-eventstream (1.2.0)
    aws-partitions (1.543.0)
    aws-sdk-core (3.125.0)
      aws-eventstream (~> 1, >= 1.0.2)
      aws-partitions (~> 1, >= 1.525.0)
      aws-sigv4 (~> 1.1)
      jmespath (~> 1.0)
    aws-sdk-kms (1.53.0)
      aws-sdk-core (~> 3, >= 3.125.0)
      aws-sigv4 (~> 1.1)
    aws-sdk-s3 (1.110.0)
      aws-sdk-core (~> 3, >= 3.125.0)
      aws-sdk-kms (~> 1)
      aws-sigv4 (~> 1.4)
    aws-sigv4 (1.4.0)
      aws-eventstream (~> 1, >= 1.0.2)
    bcrypt (3.1.16)
    bindex (0.8.1)
    bootsnap (1.9.3)
      msgpack (~> 1.0)
    builder (3.2.4)
    byebug (11.1.3)
    capybara (3.36.0)
      addressable
      matrix
      mini_mime (>= 0.1.3)
      nokogiri (~> 1.8)
      rack (>= 1.6.0)
      rack-test (>= 0.6.3)
      regexp_parser (>= 1.5, < 3.0)
      xpath (~> 3.2)
    childprocess (4.1.0)
    coderay (1.1.3)
    concurrent-ruby (1.1.9)
    connection_pool (2.2.5)
    crass (1.0.6)
    cssbundling-rails (0.2.8)
      railties (>= 6.0.0)
    database_cleaner-active_record (2.0.1)
      activerecord (>= 5.a)
      database_cleaner-core (~> 2.0.0)
    database_cleaner-core (2.0.1)
    diff-lcs (1.4.4)
    docile (1.3.5)
    domain_name (0.5.20190701)
      unf (>= 0.0.5, < 1.0.0)
    erubi (1.10.0)
    factory_bot (6.2.0)
      activesupport (>= 5.0.0)
    factory_bot_rails (6.2.0)
      factory_bot (~> 6.2.0)
      railties (>= 5.0.0)
    faker (2.19.0)
      i18n (>= 1.6, < 2)
    faraday (1.8.0)
      faraday-em_http (~> 1.0)
      faraday-em_synchrony (~> 1.0)
      faraday-excon (~> 1.1)
      faraday-httpclient (~> 1.0.1)
      faraday-net_http (~> 1.0)
      faraday-net_http_persistent (~> 1.1)
      faraday-patron (~> 1.0)
      faraday-rack (~> 1.0)
      multipart-post (>= 1.2, < 3)
      ruby2_keywords (>= 0.0.4)
    faraday-em_http (1.0.0)
    faraday-em_synchrony (1.0.0)
    faraday-excon (1.1.0)
    faraday-httpclient (1.0.1)
    faraday-net_http (1.0.1)
    faraday-net_http_persistent (1.2.0)
    faraday-patron (1.0.0)
    faraday-rack (1.0.0)
    ffi (1.15.4)
    ffi-compiler (1.0.1)
      ffi (>= 1.0.0)
      rake
    formatador (0.3.0)
    globalid (1.0.0)
      activesupport (>= 5.0)
    graphql (1.13.0)
    guard (2.18.0)
      formatador (>= 0.2.4)
      listen (>= 2.7, < 4.0)
      lumberjack (>= 1.0.12, < 2.0)
      nenv (~> 0.1)
      notiffany (~> 0.0)
      pry (>= 0.13.0)
      shellany (~> 0.0)
      thor (>= 0.18.1)
    guard-compat (1.2.1)
    guard-rspec (4.7.3)
      guard (~> 2.1)
      guard-compat (~> 1.1)
      rspec (>= 2.99.0, < 4.0)
    haversine_distance (1.1.1)
    http (5.0.4)
      addressable (~> 2.8)
      http-cookie (~> 1.0)
      http-form_data (~> 2.2)
      llhttp-ffi (~> 0.4.0)
    http-cookie (1.0.4)
      domain_name (~> 0.5)
    http-form_data (2.3.0)
    i18n (1.8.11)
      concurrent-ruby (~> 1.0)
    jbuilder (2.11.3)
      activesupport (>= 5.0.0)
    jmespath (1.4.0)
    jsbundling-rails (0.2.2)
      railties (>= 6.0.0)
    listen (3.7.0)
      rb-fsevent (~> 0.10, >= 0.10.3)
      rb-inotify (~> 0.9, >= 0.9.10)
    llhttp-ffi (0.4.0)
      ffi-compiler (~> 1.0)
      rake (~> 13.0)
    loofah (2.13.0)
      crass (~> 1.0.2)
      nokogiri (>= 1.5.9)
    lumberjack (1.2.8)
    mail (2.7.1)
      mini_mime (>= 0.1.1)
    marcel (1.0.2)
    matrix (0.4.2)
    method_source (1.0.0)
    mini_mime (1.1.2)
    minitest (5.14.4)
    msgpack (1.4.2)
    multipart-post (2.1.1)
    nenv (0.3.0)
    nio4r (2.5.8)
    nokogiri (1.12.5-x86_64-linux)
      racc (~> 1.4)
    noticed (1.5.5)
      http (>= 4.0.0)
      rails (>= 5.2.0)
    notiffany (0.1.3)
      nenv (~> 0.1)
      shellany (~> 0.0)
    orm_adapter (0.5.0)
    parallel (1.21.0)
    parser (3.0.3.2)
      ast (~> 2.4.1)
    pg (1.2.3)
    pr_geohash (1.0.0)
    pry (0.14.1)
      coderay (~> 1.1)
      method_source (~> 1.0)
    public_suffix (4.0.6)
    puma (5.5.2)
      nio4r (~> 2.0)
    racc (1.6.0)
    rack (2.2.3)
    rack-mini-profiler (2.3.3)
      rack (>= 1.2.0)
    rack-test (1.1.0)
      rack (>= 1.0, < 3)
    rails-dom-testing (2.0.3)
      activesupport (>= 4.2.0)
      nokogiri (>= 1.6)
    rails-html-sanitizer (1.4.2)
      loofah (~> 2.3)
    rainbow (3.0.0)
    rake (13.0.6)
    rb-fsevent (0.11.0)
    rb-inotify (0.10.1)
      ffi (~> 1.0)
    redis (4.5.1)
    regexp_parser (2.2.0)
    responders (3.0.1)
      actionpack (>= 5.0)
      railties (>= 5.0)
    rexml (3.2.5)
    rollout (2.5.0)
      redis (~> 4.0)
    rsolr (2.3.0)
      builder (>= 2.1.2)
      faraday (>= 0.9.0)
    rspec (3.10.0)
      rspec-core (~> 3.10.0)
      rspec-expectations (~> 3.10.0)
      rspec-mocks (~> 3.10.0)
    rspec-core (3.10.1)
      rspec-support (~> 3.10.0)
    rspec-expectations (3.10.1)
      diff-lcs (>= 1.2.0, < 2.0)
      rspec-support (~> 3.10.0)
    rspec-mocks (3.10.2)
      diff-lcs (>= 1.2.0, < 2.0)
      rspec-support (~> 3.10.0)
    rspec-rails (5.0.2)
      actionpack (>= 5.2)
      activesupport (>= 5.2)
      railties (>= 5.2)
      rspec-core (~> 3.10)
      rspec-expectations (~> 3.10)
      rspec-mocks (~> 3.10)
      rspec-support (~> 3.10)
    rspec-support (3.10.3)
    rubocop (1.23.0)
      parallel (~> 1.10)
      parser (>= 3.0.0.0)
      rainbow (>= 2.2.2, < 4.0)
      regexp_parser (>= 1.8, < 3.0)
      rexml
      rubocop-ast (>= 1.12.0, < 2.0)
      ruby-progressbar (~> 1.7)
      unicode-display_width (>= 1.4.0, < 3.0)
    rubocop-ast (1.15.0)
      parser (>= 3.0.1.1)
    rubocop-graphql (0.11.2)
      rubocop (>= 0.87, < 2)
    rubocop-rails (2.12.4)
      activesupport (>= 4.2.0)
      rack (>= 1.1)
      rubocop (>= 1.7.0, < 2.0)
    rubocop-rspec (2.6.0)
      rubocop (~> 1.19)
    ruby-enum (0.9.0)
      i18n
    ruby-progressbar (1.11.0)
    ruby2_keywords (0.0.5)
    rubyzip (2.3.2)
    selenium-webdriver (4.1.0)
      childprocess (>= 0.5, < 5.0)
      rexml (~> 3.2, >= 3.2.5)
      rubyzip (>= 1.2.2)
    sentry-rails (4.8.2)
      railties (>= 5.0)
      sentry-ruby-core (~> 4.8.2)
    sentry-ruby (4.8.2)
      concurrent-ruby (~> 1.0, >= 1.0.2)
      faraday (~> 1.0)
      sentry-ruby-core (= 4.8.2)
    sentry-ruby-core (4.8.2)
      concurrent-ruby
      faraday
    sentry-sidekiq (4.8.2)
      sentry-ruby-core (~> 4.8.2)
      sidekiq (>= 3.0)
    shellany (0.0.1)
    sidekiq (6.3.1)
      connection_pool (>= 2.2.2)
      rack (~> 2.0)
      redis (>= 4.2.0)
    simplecov (0.21.2)
      docile (~> 1.1)
      simplecov-html (~> 0.11)
      simplecov_json_formatter (~> 0.1)
    simplecov-html (0.12.3)
    simplecov_json_formatter (0.1.2)
    spring (4.0.0)
    sprockets (4.0.2)
      concurrent-ruby (~> 1.0)
      rack (> 1, < 3)
    sprockets-rails (3.4.2)
      actionpack (>= 5.2)
      activesupport (>= 5.2)
      sprockets (>= 3.0.0)
    sunspot (2.5.0)
      pr_geohash (~> 1.0)
      rsolr (>= 1.1.1, < 3)
    sunspot_rails (2.5.0)
      rails (>= 3)
      sunspot (= 2.5.0)
    sunspot_solr (2.5.0)
    thor (1.1.0)
    turbo-rails (0.9.0)
      rails (>= 6.0.0)
    turbolinks (5.2.1)
      turbolinks-source (~> 5.2)
    turbolinks-source (5.2.0)
    tzinfo (2.0.4)
      concurrent-ruby (~> 1.0)
    unf (0.1.4)
      unf_ext
    unf_ext (0.0.8)
    unicode-display_width (2.1.0)
    warden (1.2.9)
      rack (>= 2.0.9)
    webdrivers (5.0.0)
      nokogiri (~> 1.6)
      rubyzip (>= 1.3.0)
      selenium-webdriver (~> 4.0)
    websocket-driver (0.7.5)
      websocket-extensions (>= 0.1.0)
    websocket-extensions (0.1.5)
    xpath (3.2.0)
      nokogiri (~> 1.8)
    zeitwerk (2.5.1)

PLATFORMS
  x86_64-linux

DEPENDENCIES
  apollo_upload_server (~> 2.1)
  aws-sdk-s3 (~> 1.110)
  bootsnap (>= 1.4.4)
  byebug
  capybara (>= 3.26)
  cssbundling-rails (~> 0.2.8)
  database_cleaner-active_record (~> 2.0)
  devise!
  devise_token_auth!
  factory_bot_rails (~> 6.2)
  faker (~> 2.19)
  graphql (~> 1.13)
  graphql_devise!
  guard (~> 2.18)
  guard-rspec (~> 4.7)
  haversine_distance (~> 1.1)
  jbuilder (~> 2.7)
  jsbundling-rails (~> 0.2.2)
  listen (~> 3.3)
  noticed (~> 1.5)
  pg (~> 1.1)
  puma (~> 5.0)
  rack-mini-profiler (~> 2.0)
  rails!
  redis (~> 4.0)
  rollout (~> 2.5)
  rspec-rails (~> 5.0)
  rubocop-graphql (~> 0.11.2)
  rubocop-rails (~> 2.12)
  rubocop-rspec (~> 2.6)
  ruby-enum (~> 0.9.0)
  selenium-webdriver
  sentry-rails (~> 4.8)
  sentry-ruby (~> 4.8)
  sentry-sidekiq (~> 4.8)
  sidekiq (~> 6.3)
  simplecov
  spring
  sprockets-rails (~> 3.4)
  sunspot_rails (~> 2.5)
  sunspot_solr (~> 2.5)
  turbo-rails (~> 0.9.0)
  turbolinks (~> 5)
  tzinfo-data
  web-console!
  webdrivers

RUBY VERSION
   ruby 3.0.0p0

BUNDLED WITH
   2.2.16
